PATH
  remote: .
  specs:
    gib_view_tool (0.1.0)

GEM
  remote: https://rubygems.org/
  specs:
    rake (10.5.0)

PLATFORMS
  ruby

DEPENDENCIES
  bundler (~> 1.16)
  gib_view_tool!
  rake (~> 10.0)

BUNDLED WITH
   1.16.0
